PATH
  remote: ../..
  specs:
    ci_reporter (1.8.0)
      builder (>= 2.1.2)

GEM
  remote: http://rubygems.org/
  specs:
    builder (3.1.4)
    colorize (0.5.8)
    diff-lcs (1.1.3)
    gherkin-ruby (0.2.1)
    rspec (2.8.0)
      rspec-core (~> 2.8.0)
      rspec-expectations (~> 2.8.0)
      rspec-mocks (~> 2.8.0)
    rspec-core (2.8.0)
    rspec-expectations (2.8.0)
      diff-lcs (~> 1.1.2)
    rspec-mocks (2.8.0)
    spinach (0.6.0)
      colorize
      gherkin-ruby (~> 0.2.0)

PLATFORMS
  ruby

DEPENDENCIES
  ci_reporter!
  rspec
  spinach
