GEM
  remote: http://rubygems.org/
  specs:
    bouncy-castle-java (1.5.0146.1)
    builder (3.0.0)
    colorize (0.5.8)
    cucumber (0.10.2)
      builder (>= 2.1.2)
      diff-lcs (>= 1.1.2)
      gherkin (>= 2.3.5)
      json (>= 1.4.6)
      term-ansicolor (>= 1.0.5)
    diff-lcs (1.1.3)
    gherkin (2.3.5)
      json (>= 1.4.6)
    gherkin (2.3.5-java)
      json (>= 1.4.6)
    hoe (2.12.4)
      rake (~> 0.8)
    jruby-openssl (0.7.4)
      bouncy-castle-java
    json (1.6.3)
    json (1.6.3-java)
    json_pure (1.6.1)
    minitest (2.2.2)
    rake (0.9.2.2)
    rcov (1.0.0)
    rdoc (3.9.2)
    rspec (2.8.0)
      rspec-core (~> 2.8.0)
      rspec-expectations (~> 2.8.0)
      rspec-mocks (~> 2.8.0)
    rspec-core (2.8.0)
    rspec-expectations (2.8.0)
      diff-lcs (~> 1.1.2)
    rspec-mocks (2.8.0)
    rubyforge (2.0.4)
      json_pure (>= 1.1.7)
    spinach (0.1.5.3)
      colorize
      gherkin
    term-ansicolor (1.0.5)
    test-unit (2.3.0)

PLATFORMS
  java
  ruby

DEPENDENCIES
  builder
  cucumber
  hoe
  jruby-openssl
  minitest
  rcov
  rdoc
  rspec (> 2.0.0)
  rubyforge
  spinach (< 0.2)
  test-unit (> 2.0.0)
